PATH
  remote: .
  specs:
    stashboard-ruby (0.1.1)
      oauth (>= 0.4.4)
      yajl-ruby (>= 0.8.1)

GEM
  remote: http://rubygems.org/
  specs:
    diff-lcs (1.2.5)
    oauth (0.4.7)
    rspec (2.14.1)
      rspec-core (~> 2.14.0)
      rspec-expectations (~> 2.14.0)
      rspec-mocks (~> 2.14.0)
    rspec-core (2.14.8)
    rspec-expectations (2.14.5)
      diff-lcs (>= 1.1.3, < 2.0)
    rspec-mocks (2.14.6)
    yajl-ruby (1.2.0)
    yard (0.6.4)

PLATFORMS
  ruby

DEPENDENCIES
  rspec (~> 2.6)
  stashboard-ruby!
  yard (>= 0.6.4)
